PATH
  remote: .
  specs:
    fmadata_parse_name (1.0.0)
      json (= 1.8.6)
      rest-client (~> 1.6.0)

GEM
  remote: https://rubygems.org/
  specs:
    diff-lcs (1.3)
    json (1.8.6)
    mime-types (1.25.1)
    rest-client (1.6.9)
      mime-types (~> 1.16)
    rspec (3.8.0)
      rspec-core (~> 3.8.0)
      rspec-expectations (~> 3.8.0)
      rspec-mocks (~> 3.8.0)
    rspec-core (3.8.0)
      rspec-support (~> 3.8.0)
    rspec-expectations (3.8.3)
      diff-lcs (< 2.0, >= 1.2.0)
      rspec-support (~> 3.8.0)
    rspec-mocks (3.8.0)
      diff-lcs (< 2.0, >= 1.2.0)
      rspec-support (~> 3.8.0)
    rspec-support (3.8.0)
    vcr (2.9.2)

PLATFORMS
  ruby

DEPENDENCIES
  fmadata_parse_name!
  rspec (~> 3.4)
  vcr (= 2.9.2)
