PATH
  remote: .
  specs:
    fmadata_parse_name (1.0.0)
      json (= 1.5.1)
      rest-client (~> 1.6.0)

GEM
  remote: https://rubygems.org/
  specs:
    diff-lcs (1.3)
    fakeweb (1.3.0)
    json (1.5.1)
    mime-types (1.25.1)
    rest-client (1.6.9)
      mime-types (~> 1.16)
    rspec (3.8.0)
      rspec-core (~> 3.8.0)
      rspec-expectations (~> 3.8.0)
      rspec-mocks (~> 3.8.0)
    rspec-core (3.8.0)
      rspec-support (~> 3.8.0)
    rspec-expectations (3.8.3)
      diff-lcs (>= 1.2.0, < 2.0)
      rspec-support (~> 3.8.0)
    rspec-mocks (3.8.0)
      diff-lcs (>= 1.2.0, < 2.0)
      rspec-support (~> 3.8.0)
    rspec-support (3.8.0)
    vcr (2.9.3)

PLATFORMS
  ruby

DEPENDENCIES
  fakeweb
  fmadata_parse_name!
  rspec (~> 3.4)
  vcr (= 2.9.3)

BUNDLED WITH
   1.16.1
